GEM
  remote: https://rubygems.org/
  specs:
    cassandra-driver (3.2.5)
      ione (~> 1.2)
    concurrent-ruby (1.2.2)
    dotenv (2.8.1)
    dry-auto_inject (1.0.1)
      dry-core (~> 1.0)
      zeitwerk (~> 2.6)
    dry-configurable (1.1.0)
      dry-core (~> 1.0, < 2)
      zeitwerk (~> 2.6)
    dry-core (1.0.1)
      concurrent-ruby (~> 1.0)
      zeitwerk (~> 2.6)
    dry-inflector (1.0.0)
    dry-system (1.0.1)
      dry-auto_inject (~> 1.0, < 2)
      dry-configurable (~> 1.0, < 2)
      dry-core (~> 1.0, < 2)
      dry-inflector (~> 1.0, < 2)
    ione (1.2.5)
    zeitwerk (2.6.11)

PLATFORMS
  arm64-darwin-22

DEPENDENCIES
  cassandra-driver (~> 3.2)
  dotenv (~> 2.8)
  dry-auto_inject (~> 1.0)
  dry-system (~> 1.0)
  zeitwerk (~> 2.6)

BUNDLED WITH
   2.4.18
