GEM
  remote: https://rubygems.org/
  specs:
    async (2.6.3)
      console (~> 1.10)
      fiber-annotation
      io-event (~> 1.1)
      timers (~> 4.1)
    cassandra-driver (3.2.5)
      ione (~> 1.2)
    concurrent-ruby (1.2.2)
    console (1.23.2)
      fiber-annotation
      fiber-local
    dotenv (2.8.1)
    dry-auto_inject (1.0.1)
      dry-core (~> 1.0)
      zeitwerk (~> 2.6)
    dry-configurable (1.1.0)
      dry-core (~> 1.0, < 2)
      zeitwerk (~> 2.6)
    dry-core (1.0.1)
      concurrent-ruby (~> 1.0)
      zeitwerk (~> 2.6)
    dry-inflector (1.0.0)
    dry-system (1.0.1)
      dry-auto_inject (~> 1.0, < 2)
      dry-configurable (~> 1.0, < 2)
      dry-core (~> 1.0, < 2)
      dry-inflector (~> 1.0, < 2)
    fiber-annotation (0.2.0)
    fiber-local (1.0.0)
    io-event (1.3.2)
    ione (1.2.5)
    timers (4.3.5)
    zeitwerk (2.6.11)

PLATFORMS
  arm64-darwin-22

DEPENDENCIES
  async (~> 2.6)
  cassandra-driver (~> 3.2)
  dotenv (~> 2.8)
  dry-auto_inject (~> 1.0)
  dry-system (~> 1.0)
  zeitwerk (~> 2.6)

BUNDLED WITH
   2.4.18
